GEM
  remote: https://rubygems.org/
  specs:
    pg (0.16.0)
    sequel (3.31.0)
    tiny_tds (0.6.1)

PLATFORMS
  ruby

DEPENDENCIES
  pg
  sequel (~> 3.31.0)
  tiny_tds
